GEM
  remote: https://rubygems.org/
  specs:
    airbrussh (1.3.0)
      sshkit (>= 1.6.1, != 1.7.0)
    capistrano (3.10.2)
      airbrussh (>= 1.0.0)
      i18n
      rake (>= 10.0.0)
      sshkit (>= 1.9.0)
    capistrano-bundler (1.3.0)
      capistrano (~> 3.1)
      sshkit (~> 1.2)
    capistrano-rbenv (2.1.3)
      capistrano (~> 3.1)
      sshkit (~> 1.3)
    capistrano3-puma (3.1.1)
      capistrano (~> 3.7)
      capistrano-bundler
      puma (~> 3.4)
    chronic (0.10.2)
    concurrent-ruby (1.0.5)
    dotenv (2.4.0)
    erubis (2.7.0)
    ffi (1.9.23)
    i18n (1.0.1)
      concurrent-ruby (~> 1.0)
    listen (3.1.5)
      rb-fsevent (~> 0.9, >= 0.9.4)
      rb-inotify (~> 0.9, >= 0.9.7)
      ruby_dep (~> 1.2)
    mini_magick (4.8.0)
    net-scp (1.2.1)
      net-ssh (>= 2.6.5)
    net-ssh (4.2.0)
    puma (3.11.4)
    rack (2.0.5)
    rake (12.3.1)
    rb-fsevent (0.10.3)
    rb-inotify (0.9.10)
      ffi (>= 0.5.0, < 2)
    rerun (0.13.0)
      listen (~> 3.0)
    roda (3.8.0)
      rack
    ruby_dep (1.5.0)
    sshkit (1.16.1)
      net-scp (>= 1.1.2)
      net-ssh (>= 2.8.0)
    tilt (2.0.8)
    whenever (0.10.0)
      chronic (>= 0.6.3)
    yui-compressor (0.12.0)

PLATFORMS
  ruby

DEPENDENCIES
  capistrano
  capistrano-bundler
  capistrano-rbenv
  capistrano3-puma
  dotenv
  erubis
  mini_magick
  puma
  rake
  rerun
  roda
  tilt
  whenever
  yui-compressor

BUNDLED WITH
   1.16.1
